GEM
  specs:
    dotenv (0.9.0)
    mime-types (2.4.3)
    netrc (0.10.3)
    rest-client (1.7.3)
      mime-types (>= 1.16, < 3.0)
      netrc (~> 0.7)

PLATFORMS
  ruby

DEPENDENCIES
  dotenv
  rest-client
